GEM
  remote: http://rubygems.org/
  specs:
    directory_watcher (1.4.1)
    maruku (0.6.0)
      syntax (>= 1.0.0)
    mustache (0.99.4)
    psych (1.3.2)
    rack (1.4.1)
    ruhoh (0.2.0)
      directory_watcher (~> 1.4)
      maruku (~> 0.6)
      mustache (~> 0.99)
      psych (~> 1.3)
      rack (~> 1.4)
    syntax (1.0.0)

PLATFORMS
  ruby

DEPENDENCIES
  ruhoh
